GEM
  remote: http://rubygems.org/
  specs:
    activemerchant (1.7.2)
      activesupport (>= 2.3.2)
      braintree (>= 2.0.0)
      builder (>= 2.0.0)
    activesupport (2.3.8)
    braintree (2.5.0)
      builder
    builder (2.1.2)
    columnize (0.3.1)
    cucumber (0.8.5)
      builder (~> 2.1.2)
      diff-lcs (~> 1.1.2)
      gherkin (~> 2.1.4)
      json_pure (~> 1.4.3)
      term-ansicolor (~> 1.0.4)
    cucumber-rails (0.2.4)
      cucumber (>= 0.6.2)
    database_cleaner (0.4.3)
    diff-lcs (1.1.2)
    gherkin (2.1.5)
      trollop (~> 1.16.2)
    json_pure (1.4.6)
    linecache (0.43)
    nokogiri (1.4.3.1)
    rack (1.2.1)
    radiant-layouts-extension (0.9.1)
    reek (1.2.8)
      ruby2ruby (~> 1.2)
      ruby_parser (~> 2.0)
      sexp_processor (~> 3.0)
    roodi (2.1.0)
      ruby_parser
    rr (0.10.11)
    rspec (1.3.0)
    rspec-rails (1.3.2)
      rack (>= 1.0.0)
      rspec (>= 1.3.0)
    ruby-debug (0.10.3)
      columnize (>= 0.1)
      ruby-debug-base (~> 0.10.3.0)
    ruby-debug-base (0.10.3)
      linecache (>= 0.3)
    ruby2ruby (1.2.4)
      ruby_parser (~> 2.0)
      sexp_processor (~> 3.0)
    ruby_parser (2.0.4)
      sexp_processor (~> 3.0)
    sexp_processor (3.0.4)
    term-ansicolor (1.0.5)
    trollop (1.16.2)
    webrat (0.6.0)
      nokogiri (>= 1.2.0)
      rack (>= 1.0)
    will_paginate (2.3.14)

PLATFORMS
  ruby

DEPENDENCIES
  activemerchant
  cucumber
  cucumber-rails
  database_cleaner
  radiant-layouts-extension (= 0.9.1)
  reek
  roodi
  rr
  rspec
  rspec-rails
  ruby-debug
  webrat
  will_paginate
